GEM
  remote: http://rubygems.org/
  specs:
    addressable (2.3.5)
    atomic (1.1.15)
    buftok (0.2.0)
    css_parser (1.3.5)
      addressable
    equalizer (0.0.9)
    faraday (0.9.0)
      multipart-post (>= 1.2, < 3)
    htmlentities (4.3.1)
    http (0.5.0)
      http_parser.rb
    http_parser.rb (0.6.0)
    json (1.8.1)
    mail (2.5.4)
      mime-types (~> 1.16)
      treetop (~> 1.4.8)
    memoizable (0.4.1)
      thread_safe (~> 0.2.0)
    mime-types (1.25.1)
    mini_portile (0.5.2)
    multipart-post (2.0.0)
    naught (1.0.0)
    nokogiri (1.6.1)
      mini_portile (~> 0.5.0)
    pakyow (0.8.0)
      bundler (~> 1.5)
      pakyow-core (= 0.8.0)
      pakyow-mailer (= 0.8.0)
      pakyow-presenter (= 0.8.0)
    pakyow-core (0.8.0)
      rack (~> 1.5)
    pakyow-mailer (0.8.0)
      mail (~> 2.5)
      pakyow-core (= 0.8.0)
      pakyow-presenter (= 0.8.0)
      premailer (~> 1.8)
    pakyow-presenter (0.8.0)
      nokogiri (~> 1.6)
      pakyow-core (= 0.8.0)
    polyglot (0.3.4)
    premailer (1.8.1)
      css_parser (>= 1.3.5)
      htmlentities (>= 4.0.0)
    puma (2.8.1)
      rack (>= 1.1, < 2.0)
    rack (1.5.2)
    simple_oauth (0.2.0)
    thread_safe (0.2.0)
      atomic (>= 1.1.7, < 2)
    treetop (1.4.15)
      polyglot
      polyglot (>= 0.3.1)
    twitter (5.8.0)
      addressable (~> 2.3)
      buftok (~> 0.2.0)
      equalizer (~> 0.0.9)
      faraday (~> 0.9.0)
      http (~> 0.5.0)
      http_parser.rb (~> 0.6.0)
      json (~> 1.8)
      memoizable (~> 0.4.0)
      naught (~> 1.0)
      simple_oauth (~> 0.2.0)

PLATFORMS
  ruby

DEPENDENCIES
  pakyow (= 0.8)
  puma
  twitter
